GEM
  remote: https://rubygems.org/
  specs:
    byebug (9.1.0)

PLATFORMS
  ruby
  x86_64-darwin-15

DEPENDENCIES
  byebug

BUNDLED WITH
   1.15.4
